GEM
  remote: https://rubygems.org/
  specs:
    POpen4 (0.1.4)
      Platform (>= 0.4.0)
      open4
    Platform (0.4.0)
    albino (1.3.3)
      posix-spawn (>= 0.3.6)
    classifier (1.3.3)
      fast-stemmer (>= 1.0.0)
    cssmin (1.0.3)
    directory_watcher (1.5.1)
    fast-stemmer (1.0.2)
    jammit (0.6.6)
      cssmin (>= 1.0.3)
      jsmin (>= 1.0.1)
    jekyll (0.11.0)
      albino (>= 1.3.2)
      classifier (>= 1.3.1)
      directory_watcher (>= 1.1.1)
      kramdown (>= 0.13.2)
      liquid (>= 1.9.0)
      maruku (>= 0.5.9)
    jekyll-asset-pipeline (0.1.2)
      jekyll (>= 0.10.0)
      liquid (>= 1.9.0)
    jsmin (1.0.1)
    kramdown (1.0.1)
    liquid (2.5.0)
    maruku (0.6.1)
      syntax (>= 1.0.0)
    open4 (1.3.0)
    posix-spawn (0.3.6)
    sass (3.2.7)
    syntax (1.0.0)
    yui-compressor (0.9.6)
      POpen4 (>= 0.1.4)

PLATFORMS
  ruby

DEPENDENCIES
  jammit
  jekyll (= 0.11.0)
  jekyll-asset-pipeline
  sass
  yui-compressor
